GEM
  remote: https://rubygems.org/
  specs:
    docile (1.4.0)
    msgpack (1.7.2)
    multi_json (1.15.0)
    neovim (0.9.1)
      msgpack (~> 1.1)
      multi_json (~> 1.0)
    simplecov (0.22.0)
      docile (~> 1.1)
      simplecov-html (~> 0.11)
      simplecov_json_formatter (~> 0.1)
    simplecov-html (0.12.3)
    simplecov_json_formatter (0.1.4)

PLATFORMS
  arm64-darwin-22
  x86_64-linux

DEPENDENCIES
  neovim
  simplecov

BUNDLED WITH
   2.4.22
